GEM
  specs:
    io-console (0.4.3)
    mail (2.6.4)
      mime-types (>= 1.16, < 4)
    mime-types (3.1)
      mime-types-data (~> 3.2015)
    mime-types-data (3.2016.0521)
    pony (1.11)
      mail (>= 2.0)

PLATFORMS
  ruby

DEPENDENCIES
  io-console
  pony

BUNDLED WITH
   1.13.5
